PATH
  remote: .
  specs:
    omniauth-indieauth (0.1.0)
      faraday (~> 0.9)
      omniauth (~> 1.9)

GEM
  remote: https://rubygems.org/
  specs:
    addressable (2.7.0)
      public_suffix (>= 2.0.2, < 5.0)
    ast (2.4.1)
    bundler-audit (0.7.0.1)
      bundler (>= 1.2.0, < 3)
      thor (>= 0.18, < 2)
    coveralls (0.8.23)
      json (>= 1.8, < 3)
      simplecov (~> 0.16.1)
      term-ansicolor (~> 1.3)
      thor (>= 0.19.4, < 2.0)
      tins (~> 1.6)
    crack (0.4.3)
      safe_yaml (~> 1.0.0)
    diff-lcs (1.4.4)
    docile (1.3.2)
    faraday (0.9.2)
      multipart-post (>= 1.2, < 3)
    hashdiff (1.0.1)
    hashie (4.1.0)
    json (2.3.1)
    multipart-post (2.1.1)
    mustermann (1.1.1)
      ruby2_keywords (~> 0.0.1)
    omniauth (1.9.1)
      hashie (>= 3.4.6)
      rack (>= 1.6.2, < 3)
    parallel (1.20.1)
    parser (2.7.2.0)
      ast (~> 2.4.1)
    public_suffix (4.0.5)
    rack (2.2.3)
    rack-protection (2.0.8.1)
      rack
    rack-test (1.1.0)
      rack (>= 1.0, < 3)
    rainbow (3.0.0)
    rake (13.0.1)
    regexp_parser (2.0.0)
    rexml (3.2.4)
    rspec (3.9.0)
      rspec-core (~> 3.9.0)
      rspec-expectations (~> 3.9.0)
      rspec-mocks (~> 3.9.0)
    rspec-core (3.9.2)
      rspec-support (~> 3.9.3)
    rspec-expectations (3.9.2)
      diff-lcs (>= 1.2.0, < 2.0)
      rspec-support (~> 3.9.0)
    rspec-mocks (3.9.1)
      diff-lcs (>= 1.2.0, < 2.0)
      rspec-support (~> 3.9.0)
    rspec-support (3.9.3)
    rubocop (1.5.0)
      parallel (~> 1.10)
      parser (>= 2.7.1.5)
      rainbow (>= 2.2.2, < 4.0)
      regexp_parser (>= 2.0)
      rexml
      rubocop-ast (>= 1.2.0)
      ruby-progressbar (~> 1.7)
      unicode-display_width (>= 1.4.0, < 2.0)
    rubocop-ast (1.3.0)
      parser (>= 2.7.1.5)
    rubocop-performance (1.7.1)
      rubocop (>= 0.82.0)
    rubocop-rspec (1.42.0)
      rubocop (>= 0.87.0)
    ruby-progressbar (1.10.1)
    ruby2_keywords (0.0.2)
    safe_yaml (1.0.5)
    shotgun (0.9.2)
      rack (>= 1.0)
    simplecov (0.16.1)
      docile (~> 1.1)
      json (>= 1.8, < 3)
      simplecov-html (~> 0.10.0)
    simplecov-html (0.10.2)
    sinatra (2.0.8.1)
      mustermann (~> 1.0)
      rack (~> 2.0)
      rack-protection (= 2.0.8.1)
      tilt (~> 2.0)
    sync (0.5.0)
    term-ansicolor (1.7.1)
      tins (~> 1.0)
    thor (1.0.1)
    tilt (2.0.10)
    tins (1.25.0)
      sync
    unicode-display_width (1.7.0)
    webmock (3.8.3)
      addressable (>= 2.3.6)
      crack (>= 0.3.2)
      hashdiff (>= 0.4.0, < 2.0.0)
    yard (0.9.25)

PLATFORMS
  ruby

DEPENDENCIES
  bundler-audit (~> 0.7)
  coveralls (~> 0.8)
  omniauth-indieauth!
  rack-test (~> 1.1)
  rake (~> 13.0)
  rspec (~> 3.9)
  rubocop (~> 1.5)
  rubocop-performance (~> 1.7)
  rubocop-rspec (~> 1.42)
  shotgun (~> 0.9)
  sinatra (~> 2.0)
  webmock (~> 3.8)
  yard (~> 0.9)

BUNDLED WITH
   2.1.4
